GEM
  remote: http://rubygems.org/
  specs:
    cmdparse (2.0.5)
    fastthread (1.0.7)
    zip (2.0.2)

PLATFORMS
  ruby
  x86-mingw32

DEPENDENCIES
  cmdparse
  fastthread
  zip
